GEM
  remote: https://rubygems.org/
  specs:
    coderay (1.1.3)
    method_source (1.0.0)
    pry (0.14.0)
      coderay (~> 1.1)
      method_source (~> 1.0)
    rake (10.4.2)
    yaml (0.1.1)

PLATFORMS
  ruby

DEPENDENCIES
  pry
  rake (~> 10.4.0)
  yaml

RUBY VERSION
   ruby 2.6.3p62

BUNDLED WITH
   1.17.3
